NUGET
  remote: https://www.nuget.org/api/v2
    Akka (1.1.3) - framework: >= net452
      Newtonsoft.Json (>= 9.0.1)
      System.Collections.Immutable (>= 1.1.36)
    Newtonsoft.Json (9.0.1) - framework: >= net452
    NLog (4.4.3)
    System.Collections.Immutable (1.1.36) - framework: >= net452
    Topshelf (4.0.3) - framework: >= net452
    Topshelf.NLog (4.0.3) - framework: >= net452
      NLog (>= 4.3.10)
      Topshelf (>= 4.0.3)
